GEM
  remote: https://rubygems.org/
  specs:
    ansi (1.5.0)
    builder (3.2.4)
    io-console (0.5.9)
    irb (1.3.5)
      reline (>= 0.1.5)
    minitest (5.14.4)
    minitest-focus (1.2.1)
      minitest (>= 4, < 6)
    minitest-reporters (1.4.3)
      ansi
      builder
      minitest (>= 5.0)
      ruby-progressbar
    reline (0.2.5)
      io-console (~> 0.5)
    ruby-progressbar (1.11.0)
    rubygems-tasks (0.2.5)
      irb (~> 1.0)

PLATFORMS
  x86_64-linux

DEPENDENCIES
  minitest-focus
  minitest-reporters
  rubygems-tasks

RUBY VERSION
   ruby 3.0.0p0

BUNDLED WITH
   2.2.16
